GEM
  remote: https://ruby.taobao.org/
  specs:
    haml (4.0.7)
      tilt
    sass (3.4.20)
    tilt (2.0.1)

PLATFORMS
  ruby

DEPENDENCIES
  haml
  sass

BUNDLED WITH
   1.11.2
