GEM
  remote: https://ruby.taobao.org/
  specs:
    haml (4.0.7)
      tilt
    tilt (2.0.1)

PLATFORMS
  ruby

DEPENDENCIES
  haml

BUNDLED WITH
   1.11.2
